GEM
  remote: https://rubygems.org/
  specs:
    braintree (2.46.0)
      builder (>= 2.0.0)
    builder (3.2.2)
    faker (1.4.3)
      i18n (~> 0.5)
    i18n (0.7.0)

PLATFORMS
  ruby

DEPENDENCIES
  braintree
  faker

BUNDLED WITH
   1.10.5
